ObjectType = Image
NDims = 3
BinaryData = True
BinaryDataByteOrderMSB = False
CompressedData = True
CompressedDataSize = 22131717
TransformMatrix = 1 0 0 0 1 0 0 0 1
Offset = 0 0 0
CenterOfRotation = 0 0 0
ElementSpacing = 0.586 0.586 1
DimSize = 512 512 182
AnatomicalOrientation = ???
ElementSize = 0.929 0.974 0.953
ElementType = MET_UCHAR
ElementDataFile = bonsai.raw
